GEM
  remote: https://rubygems.org/
  specs:
    addressable (2.8.7)
      public_suffix (>= 2.0.2, < 7.0)
    aws-eventstream (1.3.0)
    aws-sdk (2.11.632)
      aws-sdk-resources (= 2.11.632)
    aws-sdk-core (2.11.632)
      aws-sigv4 (~> 1.0)
      jmespath (~> 1.0)
    aws-sdk-resources (2.11.632)
      aws-sdk-core (= 2.11.632)
    aws-sigv4 (1.10.1)
      aws-eventstream (~> 1, >= 1.0.2)
    bigdecimal (3.1.8)
    colorator (1.1.0)
    colored (1.2)
    concurrent-ruby (1.3.4)
    configure-s3-website-ng (3.0.0)
      aws-sdk (~> 2)
      deep_merge (~> 1.0.0)
    debug (1.9.2)
      irb (~> 1.10)
      reline (>= 0.3.8)
    deep_merge (1.0.1)
    dotenv (1.0.2)
    em-websocket (0.5.3)
      eventmachine (>= 0.12.9)
      http_parser.rb (~> 0)
    eventmachine (1.2.7)
    execjs (2.10.0)
    ffi (1.17.0)
    ffi (1.17.0-aarch64-linux-gnu)
    ffi (1.17.0-aarch64-linux-musl)
    ffi (1.17.0-arm-linux-gnu)
    ffi (1.17.0-arm-linux-musl)
    ffi (1.17.0-arm64-darwin)
    ffi (1.17.0-x86-linux-gnu)
    ffi (1.17.0-x86-linux-musl)
    ffi (1.17.0-x86_64-darwin)
    ffi (1.17.0-x86_64-linux-gnu)
    ffi (1.17.0-x86_64-linux-musl)
    forwardable-extended (2.6.0)
    google-protobuf (4.29.0)
      bigdecimal
      rake (>= 13)
    google-protobuf (4.29.0-aarch64-linux)
      bigdecimal
      rake (>= 13)
    google-protobuf (4.29.0-arm64-darwin)
      bigdecimal
      rake (>= 13)
    google-protobuf (4.29.0-x86-linux)
      bigdecimal
      rake (>= 13)
    google-protobuf (4.29.0-x86_64-darwin)
      bigdecimal
      rake (>= 13)
    google-protobuf (4.29.0-x86_64-linux)
      bigdecimal
      rake (>= 13)
    http_parser.rb (0.8.0)
    i18n (1.14.6)
      concurrent-ruby (~> 1.0)
    io-console (0.7.2)
    irb (1.14.1)
      rdoc (>= 4.0.0)
      reline (>= 0.4.2)
    jekyll (4.3.4)
      addressable (~> 2.4)
      colorator (~> 1.0)
      em-websocket (~> 0.5)
      i18n (~> 1.0)
      jekyll-sass-converter (>= 2.0, < 4.0)
      jekyll-watch (~> 2.0)
      kramdown (~> 2.3, >= 2.3.1)
      kramdown-parser-gfm (~> 1.0)
      liquid (~> 4.0)
      mercenary (>= 0.3.6, < 0.5)
      pathutil (~> 0.9)
      rouge (>= 3.0, < 5.0)
      safe_yaml (~> 1.0)
      terminal-table (>= 1.8, < 4.0)
      webrick (~> 1.7)
    jekyll-feed (0.17.0)
      jekyll (>= 3.7, < 5.0)
    jekyll-paginate-v2 (3.0.0)
      jekyll (>= 3.0, < 5.0)
    jekyll-responsive-image (1.6.0)
      jekyll (>= 2.0, < 5.0)
      rmagick (>= 2.0, < 5.0)
    jekyll-sass-converter (3.0.0)
      sass-embedded (~> 1.54)
    jekyll-sitemap (1.4.0)
      jekyll (>= 3.7, < 5.0)
    jekyll-watch (2.2.1)
      listen (~> 3.0)
    jmespath (1.6.2)
    kramdown (2.5.1)
      rexml (>= 3.3.9)
    kramdown-parser-gfm (1.1.0)
      kramdown (~> 2.0)
    liquid (4.0.4)
    listen (3.9.0)
      rb-fsevent (~> 0.10, >= 0.10.3)
      rb-inotify (~> 0.9, >= 0.9.10)
    mercenary (0.4.0)
    mini_magick (5.0.1)
    pathutil (0.16.2)
      forwardable-extended (~> 2.6)
    psych (5.2.0)
      stringio
    public_suffix (6.0.1)
    rake (13.2.1)
    rb-fsevent (0.11.2)
    rb-inotify (0.11.1)
      ffi (~> 1.0)
    rdoc (6.8.1)
      psych (>= 4.0.0)
    reline (0.5.12)
      io-console (~> 0.5)
    rexml (3.3.9)
    rmagick (4.3.0)
    rouge (3.30.0)
    s3_website_revived (4.0.2)
      colored (= 1.2)
      configure-s3-website-ng (~> 3.0)
      dotenv (~> 1.0)
      thor (~> 1.2.1)
    safe_yaml (1.0.5)
    sass-embedded (1.81.0)
      google-protobuf (~> 4.28)
      rake (>= 13)
    sass-embedded (1.81.0-aarch64-linux-gnu)
      google-protobuf (~> 4.28)
    sass-embedded (1.81.0-aarch64-linux-musl)
      google-protobuf (~> 4.28)
    sass-embedded (1.81.0-arm-linux-gnueabihf)
      google-protobuf (~> 4.28)
    sass-embedded (1.81.0-arm-linux-musleabihf)
      google-protobuf (~> 4.28)
    sass-embedded (1.81.0-arm64-darwin)
      google-protobuf (~> 4.28)
    sass-embedded (1.81.0-x86-linux-gnu)
      google-protobuf (~> 4.28)
    sass-embedded (1.81.0-x86-linux-musl)
      google-protobuf (~> 4.28)
    sass-embedded (1.81.0-x86_64-darwin)
      google-protobuf (~> 4.28)
    sass-embedded (1.81.0-x86_64-linux-gnu)
      google-protobuf (~> 4.28)
    sass-embedded (1.81.0-x86_64-linux-musl)
      google-protobuf (~> 4.28)
    stringio (3.1.2)
    terminal-table (3.0.2)
      unicode-display_width (>= 1.1.1, < 3)
    thor (1.2.2)
    uglifier (4.2.1)
      execjs (>= 0.3.0, < 3)
    unicode-display_width (2.6.0)
    webrick (1.9.0)

PLATFORMS
  aarch64-linux-gnu
  aarch64-linux-musl
  arm-linux-gnu
  arm-linux-musl
  arm64-darwin
  ruby
  x86-linux-gnu
  x86-linux-musl
  x86_64-darwin
  x86_64-linux-gnu
  x86_64-linux-musl

DEPENDENCIES
  debug
  jekyll (~> 4)
  jekyll-feed
  jekyll-paginate-v2
  jekyll-responsive-image
  jekyll-sitemap
  kramdown-parser-gfm
  mini_magick
  rouge
  s3_website_revived
  uglifier
  webrick

BUNDLED WITH
   2.5.22
