GEM
  remote: https://rubygems.org/
  specs:
    addressable (2.8.6)
      public_suffix (>= 2.0.2, < 6.0)
    aws-sdk (2.9.12)
      aws-sdk-resources (= 2.9.12)
    aws-sdk-core (2.9.12)
      aws-sigv4 (~> 1.0)
      jmespath (~> 1.0)
    aws-sdk-resources (2.9.12)
      aws-sdk-core (= 2.9.12)
    aws-sigv4 (1.0.0)
    byebug (9.0.6)
    coderay (1.1.1)
    colorator (1.1.0)
    colored (1.2)
    concurrent-ruby (1.2.3)
    configure-s3-website (2.0.0)
      aws-sdk (~> 2)
      deep_merge (~> 1.0.0)
    deep_merge (1.0.1)
    dotenv (1.0.2)
    em-websocket (0.5.3)
      eventmachine (>= 0.12.9)
      http_parser.rb (~> 0)
    eventmachine (1.2.7)
    execjs (2.7.0)
    ffi (1.16.3)
    forwardable-extended (2.6.0)
    http_parser.rb (0.8.0)
    i18n (1.14.1)
      concurrent-ruby (~> 1.0)
    jekyll (3.9.5)
      addressable (~> 2.4)
      colorator (~> 1.0)
      em-websocket (~> 0.5)
      i18n (>= 0.7, < 2)
      jekyll-sass-converter (~> 1.0)
      jekyll-watch (~> 2.0)
      kramdown (>= 1.17, < 3)
      liquid (~> 4.0)
      mercenary (~> 0.3.3)
      pathutil (~> 0.9)
      rouge (>= 1.7, < 4)
      safe_yaml (~> 1.0)
    jekyll-feed (0.9.2)
      jekyll (~> 3.3)
    jekyll-paginate-v2 (1.7.4)
      jekyll (~> 3.0)
    jekyll-responsive_image (1.0.1)
      jekyll (>= 2.0, < 4.0)
      rmagick (>= 2.0, < 3.0)
    jekyll-sass-converter (1.5.2)
      sass (~> 3.4)
    jekyll-sitemap (1.1.1)
      jekyll (~> 3.3)
    jekyll-watch (2.2.1)
      listen (~> 3.0)
    jmespath (1.3.1)
    kramdown (2.4.0)
      rexml
    kramdown-parser-gfm (1.1.0)
      kramdown (~> 2.0)
    liquid (4.0.4)
    listen (3.8.0)
      rb-fsevent (~> 0.10, >= 0.10.3)
      rb-inotify (~> 0.9, >= 0.9.10)
    mercenary (0.3.6)
    method_source (0.8.2)
    mini_magick (4.7.0)
    pathutil (0.16.2)
      forwardable-extended (~> 2.6)
    pry (0.10.4)
      coderay (~> 1.1.0)
      method_source (~> 0.8.1)
      slop (~> 3.4)
    pry-byebug (3.4.2)
      byebug (~> 9.0)
      pry (~> 0.10)
    public_suffix (5.0.4)
    rb-fsevent (0.11.2)
    rb-inotify (0.10.1)
      ffi (~> 1.0)
    rexml (3.2.6)
    rmagick (2.16.0)
    rouge (3.30.0)
    s3_website (3.1.0)
      colored (= 1.2)
      configure-s3-website (= 2.0.0)
      dotenv (~> 1.0)
      thor (~> 0.18)
    safe_yaml (1.0.5)
    sass (3.7.4)
      sass-listen (~> 4.0.0)
    sass-listen (4.0.0)
      rb-fsevent (~> 0.9, >= 0.9.4)
      rb-inotify (~> 0.9, >= 0.9.7)
    slop (3.6.0)
    thor (0.19.4)
    uglifier (3.2.0)
      execjs (>= 0.3.0, < 3)
    webrick (1.8.1)

PLATFORMS
  ruby

DEPENDENCIES
  jekyll
  jekyll-feed
  jekyll-paginate-v2
  jekyll-responsive_image
  jekyll-sitemap
  kramdown-parser-gfm
  mini_magick
  pry-byebug
  rouge
  s3_website
  uglifier
  webrick

BUNDLED WITH
   2.5.6
